GEM
  remote: http://rubygems.org/
  specs:
    codecov (0.1.10)
      json
      simplecov
      url
    docile (1.1.5)
    json (2.1.0)
    metaclass (0.0.4)
    mocha (1.3.0)
      metaclass (~> 0.0.1)
    simplecov (0.15.1)
      docile (~> 1.1.0)
      json (>= 1.8, < 3)
      simplecov-html (~> 0.10.0)
    simplecov-html (0.10.2)
    url (0.3.2)

PLATFORMS
  ruby

DEPENDENCIES
  codecov!
  mocha!

BUNDLED WITH
   1.15.4
